GIT
  remote: git://github.com/csexton/lita-hangout.git
  revision: 0e215dee6f29581d3cc31d5ac0d76b65f457e3d0
  specs:
    lita-hangout (0.2.0)
      lita (>= 4.3)

GEM
  remote: https://rubygems.org/
  specs:
    byebug (9.0.5)
    cleverbot_io (1.2.2)
      httpclient (~> 2.8)
      oj (~> 2.15)
    dotenv (2.1.1)
    eventmachine (1.2.0.1)
    faraday (0.9.2)
      multipart-post (>= 1.2, < 3)
    faye-websocket (0.10.4)
      eventmachine (>= 0.12.0)
      websocket-driver (>= 0.5.1)
    http_router (0.11.2)
      rack (>= 1.0.0)
      url_mount (~> 0.2.1)
    httpclient (2.8.0)
    i18n (0.7.0)
    ice_nine (0.11.2)
    lita (4.7.0)
      bundler (>= 1.3)
      faraday (>= 0.8.7)
      http_router (>= 0.11.2)
      i18n (>= 0.6.9)
      ice_nine (>= 0.11.0)
      multi_json (>= 1.7.7)
      puma (>= 2.7.1)
      rack (>= 1.5.2)
      rb-readline (>= 0.5.1)
      redis-namespace (>= 1.3.0)
      thor (>= 0.18.1)
    lita-aww (0.1.0)
      lita (>= 4.7)
    lita-catgif (0.0.2)
      lita (>= 2.6)
    lita-cleverbot (1.0.1)
      cleverbot_io
      lita (>= 4.7)
    lita-dotenv (0.9.0)
      dotenv (~> 2.0)
      lita (>= 4.4)
    lita-down-for-everyone (0.0.4)
      lita
    lita-github-pinger (0.6.5)
      lita (>= 4.4)
    lita-imgflip (1.1.1)
      lita (~> 4.0)
    lita-karma (3.0.2)
      lita (>= 4.0)
    lita-slack (1.7.2)
      eventmachine
      faraday
      faye-websocket (>= 0.8.0)
      lita (>= 4.6.0)
      multi_json
    lita-wtf (1.1.0)
      lita (>= 4.0)
      nokogiri
    mini_portile2 (2.1.0)
    multi_json (1.12.1)
    multipart-post (2.0.0)
    nokogiri (1.6.8)
      mini_portile2 (~> 2.1.0)
      pkg-config (~> 1.1.7)
    oj (2.17.1)
    pkg-config (1.1.7)
    puma (3.6.0)
    rack (2.0.1)
    rb-readline (0.5.3)
    redis (3.3.1)
    redis-namespace (1.5.2)
      redis (~> 3.0, >= 3.0.4)
    thor (0.19.1)
    url_mount (0.2.1)
      rack
    websocket-driver (0.6.4)
      websocket-extensions (>= 0.1.0)
    websocket-extensions (0.1.2)

PLATFORMS
  ruby

DEPENDENCIES
  byebug
  lita
  lita-aww
  lita-catgif
  lita-cleverbot
  lita-dotenv
  lita-down-for-everyone
  lita-github-pinger
  lita-hangout!
  lita-imgflip
  lita-karma
  lita-slack
  lita-wtf

BUNDLED WITH
   1.11.2
